PATH
  remote: .
  specs:
    rubytree (0.8.3)
      json (>= 1.7.5)
      structured_warnings (>= 0.1.3)

GEM
  remote: http://rubygems.org/
  specs:
    json (1.7.5)
    rake (0.9.2.2)
    rcov (0.9.11)
    rtags (0.98)
    rtagstask (0.0.4)
      rtags (> 0.0.0)
    structured_warnings (0.1.3)
    yard (0.8.2.1)

PLATFORMS
  ruby

DEPENDENCIES
  rake (>= 0.9.2.2)
  rcov (~> 0.9.0)
  rtagstask (>= 0.0.4)
  rubytree!
  yard (>= 0.8.2.1)
