PATH
  remote: .
  specs:
    signature (0.1.7)

GEM
  remote: https://rubygems.org/
  specs:
    bacon (1.2.0)
    diff-lcs (1.2.4)
    em-spec (0.2.6)
      bacon
      eventmachine
      rspec (> 2.6.0)
      test-unit
    eventmachine (1.0.3)
    rspec (2.13.0)
      rspec-core (~> 2.13.0)
      rspec-expectations (~> 2.13.0)
      rspec-mocks (~> 2.13.0)
    rspec-core (2.13.1)
    rspec-expectations (2.13.0)
      diff-lcs (>= 1.1.3, < 2.0)
    rspec-mocks (2.13.1)
    test-unit (2.5.4)

PLATFORMS
  ruby

DEPENDENCIES
  em-spec
  rspec
  signature!
